GIT
  remote: https://github.com/ged/ruby-pg
  revision: adc0c9fd7a5a9fb03bf649c30a98b859b3018c94
  branch: master
  specs:
    pg (1.3.0.rc1)

GEM
  remote: https://rubygems.org/
  specs:
    async (1.30.1)
      console (~> 1.10)
      nio4r (~> 2.3)
      timers (~> 4.1)
    async-http (0.56.5)
      async (>= 1.25)
      async-io (>= 1.28)
      async-pool (>= 0.2)
      protocol-http (~> 0.22.0)
      protocol-http1 (~> 0.14.0)
      protocol-http2 (~> 0.14.0)
    async-io (1.32.2)
      async
    async-pool (0.3.9)
      async (>= 1.25)
    celluloid (0.18.0)
      timers (~> 4)
    concurrent-ruby (1.1.9)
    connection_pool (2.2.5)
    console (1.14.0)
      fiber-local
    faker (2.19.0)
      i18n (>= 1.6, < 2)
    fiber-local (1.0.0)
    i18n (1.8.11)
      concurrent-ruby (~> 1.0)
    nio4r (2.5.8)
    protocol-hpack (1.4.2)
    protocol-http (0.22.5)
    protocol-http1 (0.14.2)
      protocol-http (~> 0.22)
    protocol-http2 (0.14.2)
      protocol-hpack (~> 1.4)
      protocol-http (~> 0.18)
    rack (2.2.3)
    redis (4.5.1)
    sidekiq (6.3.1)
      connection_pool (>= 2.2.2)
      rack (~> 2.0)
      redis (>= 4.2.0)
    timers (4.3.3)

PLATFORMS
  x86_64-linux

DEPENDENCIES
  async-http
  async-io
  celluloid
  faker
  pg!
  redis
  sidekiq

BUNDLED WITH
   2.2.22
